GEM
  remote: https://rubygems.org/
  specs:
    brakeman (6.2.2)
      racc
    racc (1.8.1)

PLATFORMS
  arm64-darwin-22
  arm64-darwin-23
  x86_64-linux

DEPENDENCIES
  brakeman (= 6.2.2)

BUNDLED WITH
   2.4.10
